GEM
  specs:
    chronic_duration (0.10.6)
      numerizer (~> 0.1.1)
    connection_pool (2.2.2)
    numerizer (0.1.1)
    rack (1.6.8)
    rack-protection (1.5.4)
      rack
    redis (4.0.2)
    sidekiq (5.2.1)
      connection_pool (~> 2.2, >= 2.2.2)
      rack-protection (>= 1.5.0)
      redis (>= 3.3.5, < 5)
    sidekiq-status (1.1.0)
      chronic_duration
      sidekiq (>= 3.0)

PLATFORMS
  ruby

DEPENDENCIES
  sidekiq
  sidekiq-status

BUNDLED WITH
   1.16.3
